GEM
  remote: https://rubygems.org/
  specs:
    addressable (2.8.0)
      public_suffix (>= 2.0.2, < 5.0)
    data_uri (0.1.0)
    declarative (0.0.20)
    faraday (1.7.1)
      faraday-em_http (~> 1.0)
      faraday-em_synchrony (~> 1.0)
      faraday-excon (~> 1.1)
      faraday-httpclient (~> 1.0.1)
      faraday-net_http (~> 1.0)
      faraday-net_http_persistent (~> 1.1)
      faraday-patron (~> 1.0)
      faraday-rack (~> 1.0)
      multipart-post (>= 1.2, < 3)
      ruby2_keywords (>= 0.0.4)
    faraday-em_http (1.0.0)
    faraday-em_synchrony (1.0.0)
    faraday-excon (1.1.0)
    faraday-httpclient (1.0.1)
    faraday-net_http (1.0.1)
    faraday-net_http_persistent (1.2.0)
    faraday-patron (1.0.0)
    faraday-rack (1.0.0)
    ffi (1.15.4)
    ffi-rzmq (2.0.7)
      ffi-rzmq-core (>= 1.0.7)
    ffi-rzmq-core (1.0.7)
      ffi
    google-apis-core (0.4.1)
      addressable (~> 2.5, >= 2.5.1)
      googleauth (>= 0.16.2, < 2.a)
      httpclient (>= 2.8.1, < 3.a)
      mini_mime (~> 1.0)
      representable (~> 3.0)
      retriable (>= 2.0, < 4.a)
      rexml
      webrick
    google-apis-drive_v3 (0.13.0)
      google-apis-core (>= 0.4, < 2.a)
    google-apis-sheets_v4 (0.9.0)
      google-apis-core (>= 0.4, < 2.a)
    google-apis-youtube_v3 (0.11.0)
      google-apis-core (>= 0.4, < 2.a)
    googleauth (0.17.1)
      faraday (>= 0.17.3, < 2.0)
      jwt (>= 1.4, < 3.0)
      memoist (~> 0.16)
      multi_json (~> 1.11)
      os (>= 0.9, < 2.0)
      signet (~> 0.15)
    httpclient (2.8.3)
    io-console (0.5.9)
    irb (1.3.7)
      reline (>= 0.2.7)
    iruby (0.7.4)
      data_uri (~> 0.1)
      ffi-rzmq
      irb
      mime-types (>= 3.3.1)
      multi_json (~> 1.11)
      native-package-installer
    jwt (2.2.3)
    memoist (0.16.2)
    mime-types (3.3.1)
      mime-types-data (~> 3.2015)
    mime-types-data (3.2021.0901)
    mini_mime (1.1.1)
    moji (1.6)
    multi_json (1.15.0)
    multipart-post (2.1.1)
    native-package-installer (1.1.1)
    nkf (0.1.0)
    os (1.1.1)
    public_suffix (4.0.6)
    pycall (1.4.1)
    rake (13.0.6)
    reline (0.2.7)
      io-console (~> 0.5)
    representable (3.1.1)
      declarative (< 0.1.0)
      trailblazer-option (>= 0.1.1, < 0.2.0)
      uber (< 0.2.0)
    retriable (3.1.2)
    rexml (3.2.5)
    ruby2_keywords (0.0.5)
    signet (0.16.0)
      addressable (~> 2.8)
      faraday (>= 0.17.3, < 2.0)
      jwt (>= 1.5, < 3.0)
      multi_json (~> 1.10)
    trailblazer-option (0.1.1)
    uber (0.1.0)
    webrick (1.7.0)

PLATFORMS
  x86_64-linux

DEPENDENCIES
  ffi-rzmq
  google-apis-drive_v3
  google-apis-sheets_v4
  google-apis-youtube_v3
  googleauth
  iruby
  moji
  nkf
  pycall
  rake

BUNDLED WITH
   2.2.27
